GEM
  remote: https://rubygems.org/
  specs:
    fileutils (1.7.2)

PLATFORMS
  x86_64-linux

DEPENDENCIES
  fileutils

BUNDLED WITH
   2.3.5
